GIT
  remote: https://github.com/rodjek/puppet-lint.git
  revision: 2546fed6be894bbcff15c3f48d4b6f6bc15d94d1
  specs:
    puppet-lint (1.1.0)

GEM
  remote: https://rubygems.org/
  specs:
    diff-lcs (1.2.5)
    facter (1.7.6)
    hiera (1.3.4)
      json_pure
    json_pure (1.8.2)
    metaclass (0.0.4)
    mocha (1.1.0)
      metaclass (~> 0.0.1)
    puppet (3.1.1)
      facter (~> 1.6)
      hiera (~> 1.0)
    puppetlabs_spec_helper (0.3.0)
      mocha (>= 0.10.5)
      rake
      rspec (>= 2.9.0)
      rspec-puppet (>= 0.1.1)
    rake (10.4.2)
    rspec (2.99.0)
      rspec-core (~> 2.99.0)
      rspec-expectations (~> 2.99.0)
      rspec-mocks (~> 2.99.0)
    rspec-core (2.99.2)
    rspec-expectations (2.99.2)
      diff-lcs (>= 1.1.3, < 2.0)
    rspec-mocks (2.99.4)
    rspec-puppet (2.2.0)
      rspec

PLATFORMS
  ruby

DEPENDENCIES
  puppet (= 3.1.1)
  puppet-lint!
  puppetlabs_spec_helper (= 0.3.0)
  rake (>= 0.9.2)
  rspec (< 3.0.0)
  rspec-puppet (>= 2.0.1)
