GIT
  remote: https://github.com/fiddyspence/puppetlint-variablecase.git
  revision: fe1c7fb04045c877f1dec5a381e83ced69af5d31
  specs:
    puppet-lint-variable_contains_upcase (1.0.2)
      puppet-lint (>= 1.0, < 3.0)

GIT
  remote: https://github.com/rodjek/puppet-lint.git
  revision: 2546fed6be894bbcff15c3f48d4b6f6bc15d94d1
  specs:
    puppet-lint (1.1.0)

GIT
  remote: https://github.com/voxpupuli/puppet-lint-appends-check.git
  revision: 8bc398cf9cb198631c7b3b4328b98a3eb2b2aa62
  specs:
    puppet-lint-appends-check (0.1.1)
      puppet-lint (>= 1.0, < 3.0)

GIT
  remote: https://github.com/voxpupuli/puppet-lint-classes_and_types_beginning_with_digits-check.git
  revision: ed04d3300a7cc63f408b215e3675200c682ffcd1
  specs:
    puppet-lint-classes_and_types_beginning_with_digits-check (0.1.2)
      puppet-lint (>= 1.0, < 3.0)

GIT
  remote: https://github.com/voxpupuli/puppet-lint-empty_string-check.git
  revision: 6671a2645340b211f04f32c0200434ac5a1b90d1
  specs:
    puppet-lint-empty_string-check (0.2.2)
      puppet-lint (>= 1.0, < 3.0)

GIT
  remote: https://github.com/voxpupuli/puppet-lint-file_ensure-check.git
  revision: bd33c74fc4908e345dbe039388d5f09a415b3a52
  specs:
    puppet-lint-file_ensure-check (0.3.1)
      puppet-lint (>= 1.0, < 3.0)

GIT
  remote: https://github.com/voxpupuli/puppet-lint-leading_zero-check.git
  revision: b3ea137a87f7d5d6addcd6fa61812c14af28e712
  specs:
    puppet-lint-leading_zero-check (0.1.1)
      puppet-lint (>= 1.0, < 3.0)

GIT
  remote: https://github.com/voxpupuli/puppet-lint-resource_reference_syntax.git
  revision: 399121653453178feb39365627104a07d3b4e54d
  specs:
    puppet-lint-resource_reference_syntax (1.0.10)
      puppet-lint (>= 1.0, < 3.0)

GIT
  remote: https://github.com/voxpupuli/puppet-lint-spaceship_operator_without_tag-check.git
  revision: b4cf5295d9c4a6834062ed9dfee925ace2c44ba6
  specs:
    puppet-lint-spaceship_operator_without_tag-check (0.1.1)
      puppet-lint (>= 1.0, < 3.0)

GIT
  remote: https://github.com/voxpupuli/puppet-lint-trailing_comma-check.git
  revision: e17f547a219dbfefa5d2e6c61e5b7b778695de23
  specs:
    puppet-lint-trailing_comma-check (0.3.2)
      puppet-lint (>= 1.0, < 3.0)

GIT
  remote: https://github.com/voxpupuli/puppet-lint-undef_in_function-check.git
  revision: f2be50353ddb22e4960267968ef4f0f8d9740beb
  specs:
    puppet-lint-undef_in_function-check (0.2.1)
      puppet-lint (>= 1.0, < 3.0)

GIT
  remote: https://github.com/voxpupuli/puppet-lint-unquoted_string-check.git
  revision: 19c7f4a003697bb27592a893f4c5b5ddd8f2be7e
  specs:
    puppet-lint-unquoted_string-check (0.3.0)
      puppet-lint (>= 1.0, < 3.0)

GIT
  remote: https://github.com/voxpupuli/puppet-lint-version_comparison-check.git
  revision: 630e72fd409f96859eddcaddf5f82cb01a9fa735
  specs:
    puppet-lint-version_comparison-check (0.2.1)
      puppet-lint (>= 1.0, < 3.0)

GEM
  remote: https://rubygems.org/
  specs:
    addressable (2.3.8)
    diff-lcs (1.2.5)
    facter (1.6.18)
    hiera (1.3.4)
      json_pure
    hiera-file (1.1.1)
    json_pure (1.8.3)
    metaclass (0.0.4)
    mocha (1.1.0)
      metaclass (~> 0.0.1)
    puppet (3.1.1)
      facter (~> 1.6)
      hiera (~> 1.0)
    puppet-syntax (2.2.0)
      rake
    puppetlabs_spec_helper (0.3.0)
      mocha (>= 0.10.5)
      rake
      rspec (>= 2.9.0)
      rspec-puppet (>= 0.1.1)
    rake (10.4.2)
    retriable (1.4.1)
    rspec (2.14.1)
      rspec-core (~> 2.14.0)
      rspec-expectations (~> 2.14.0)
      rspec-mocks (~> 2.14.0)
    rspec-core (2.14.8)
    rspec-expectations (2.14.5)
      diff-lcs (>= 1.1.3, < 2.0)
    rspec-mocks (2.14.6)
    rspec-puppet (2.2.0)
      rspec

PLATFORMS
  ruby

DEPENDENCIES
  addressable (< 2.4)
  facter (= 1.6.18)
  hiera-file
  json_pure (< 2)
  mocha
  puppet (= 3.1.1)
  puppet-lint!
  puppet-lint-appends-check!
  puppet-lint-classes_and_types_beginning_with_digits-check!
  puppet-lint-empty_string-check!
  puppet-lint-file_ensure-check!
  puppet-lint-leading_zero-check!
  puppet-lint-resource_reference_syntax!
  puppet-lint-spaceship_operator_without_tag-check!
  puppet-lint-trailing_comma-check!
  puppet-lint-undef_in_function-check!
  puppet-lint-unquoted_string-check!
  puppet-lint-variable_contains_upcase!
  puppet-lint-version_comparison-check!
  puppet-syntax
  puppetlabs_spec_helper
  rake (< 11)
  retriable (< 2)
  rspec (< 2.99)
  rspec-puppet
